GIT
  remote: git://github.com/mumuki/mumukit-bridge.git
  revision: 06671e523f106a72cb0c624f49f758dbc8fee86b
  tag: v0.2.0
  specs:
    mumukit-bridge (0.2.0)
      activesupport
      rest-client

GIT
  remote: git://github.com/mumuki/mumukit.git
  revision: bc790bed51364d46894ed98592960bf4866ec508
  tag: v2.1.1
  specs:
    mumukit (2.1.0)
      activesupport
      docker-api (~> 1.22.2)
      excon (= 0.45.4)
      i18n (~> 0.7)
      puma
      sinatra (~> 1.4)

GEM
  remote: https://rubygems.org/
  specs:
    activesupport (4.2.5)
      i18n (~> 0.7)
      json (~> 1.7, >= 1.7.7)
      minitest (~> 5.1)
      thread_safe (~> 0.3, >= 0.3.4)
      tzinfo (~> 1.1)
    diff-lcs (1.2.5)
    docker-api (1.22.4)
      excon (>= 0.38.0)
      json
    domain_name (0.5.24)
      unf (>= 0.0.5, < 1.0.0)
    excon (0.45.4)
    http-cookie (1.0.2)
      domain_name (~> 0.5)
    i18n (0.7.0)
    json (1.8.3)
    mime-types (2.6.1)
    minitest (5.8.3)
    netrc (0.10.3)
    puma (3.4.0)
    rack (1.6.4)
    rack-protection (1.5.3)
      rack
    rake (10.4.2)
    rest-client (1.8.0)
      http-cookie (>= 1.0.2, < 2.0)
      mime-types (>= 1.16, < 3.0)
      netrc (~> 0.7)
    rspec (2.13.0)
      rspec-core (~> 2.13.0)
      rspec-expectations (~> 2.13.0)
      rspec-mocks (~> 2.13.0)
    rspec-core (2.13.1)
    rspec-expectations (2.13.0)
      diff-lcs (>= 1.1.3, < 2.0)
    rspec-mocks (2.13.1)
    sinatra (1.4.7)
      rack (~> 1.5)
      rack-protection (~> 1.4)
      tilt (>= 1.3, < 3)
    thread_safe (0.3.5)
    tilt (2.0.5)
    tzinfo (1.2.2)
      thread_safe (~> 0.1)
    unf (0.1.4)
      unf_ext
    unf_ext (0.0.7.1)

PLATFORMS
  ruby

DEPENDENCIES
  mumukit!
  mumukit-bridge!
  rake
  rspec (= 2.13)

BUNDLED WITH
   1.11.2
